GEM
  remote: http://rubygems.org/
  specs:
    addressable (2.2.7)
    backports (2.3.0)
    daemons (1.1.8)
    em-websocket (0.3.6)
      addressable (>= 2.1.1)
      eventmachine (>= 0.12.9)
    eventmachine (1.0.0.beta.3)
    eventmachine (1.0.0.beta.3-x86-mingw32)
    json (1.6.5)
    kramdown (0.13.6)
    mustache (0.99.4)
    rack (1.4.1)
    rack-google-analytics (0.10.0)
    rack-protection (1.2.0)
      rack
    rack-test (0.6.1)
      rack (>= 1.0)
    rake (0.9.2.2)
    redcarpet (1.17.2)
    rocco (0.8.2)
      mustache
      redcarpet
    sinatra (1.3.2)
      rack (~> 1.3, >= 1.3.6)
      rack-protection (~> 1.2)
      tilt (~> 1.3, >= 1.3.3)
    sinatra-contrib (1.3.1)
      backports (>= 2.0)
      eventmachine
      rack-protection
      rack-test
      sinatra (~> 1.3.0)
      tilt (~> 1.3)
    sinatra-reloader (1.0)
      sinatra-contrib
    thin (1.3.1)
      daemons (>= 1.0.9)
      eventmachine (>= 0.12.6)
      rack (>= 1.0.0)
    tilt (1.3.3)
    websocket-rack (0.3.3)
      em-websocket (~> 0.3.6)
      rack
      thin

PLATFORMS
  ruby
  x86-mingw32

DEPENDENCIES
  eventmachine (>= 1.0.0.beta, != 1.0.0.beta.4)
  json
  kramdown
  rack-google-analytics
  rack-test
  rake
  redcarpet (< 2)
  rocco
  sinatra (>= 1.3)
  sinatra-reloader
  thin
  websocket-rack
