GEM
  remote: http://rubygems.org/
  specs:
    addressable (2.3.5)
    backports (3.1.1)
    daemons (1.1.9)
    em-websocket (0.3.8)
      addressable (>= 2.1.1)
      eventmachine (>= 0.12.9)
    eventmachine (1.0.3)
    eventmachine (1.0.3-x86-mingw32)
    json (1.7.7)
    kramdown (1.0.1)
    minitest (4.7.0)
    mustache (0.99.4)
    rack (1.4.5)
    rack-google-analytics (0.11.0)
    rack-protection (1.5.0)
      rack
    rack-test (0.6.2)
      rack (>= 1.0)
    rake (10.0.3)
    redcarpet (1.17.2)
    rocco (0.8.2)
      mustache
      redcarpet
    sinatra (1.3.6)
      rack (~> 1.4)
      rack-protection (~> 1.3)
      tilt (~> 1.3, >= 1.3.3)
    sinatra-contrib (1.3.2)
      backports (>= 2.0)
      eventmachine
      rack-protection
      rack-test
      sinatra (~> 1.3.0)
      tilt (~> 1.3)
    sinatra-reloader (1.0)
      sinatra-contrib
    thin (1.5.1)
      daemons (>= 1.0.9)
      eventmachine (>= 0.12.6)
      rack (>= 1.0.0)
    tilt (1.3.6)
    websocket-rack (0.4.0)
      em-websocket (~> 0.3.6)
      eventmachine (~> 1.0.0.beta.4)
      rack
      thin

PLATFORMS
  ruby
  x86-mingw32

DEPENDENCIES
  eventmachine (>= 1.0.0.beta, != 1.0.0.beta.4)
  json
  kramdown
  minitest
  rack (= 1.4.5)
  rack-google-analytics
  rack-test
  rake
  redcarpet (< 2)
  rocco
  sinatra (>= 1.3)
  sinatra-reloader
  thin
  websocket-rack
